GEM
  remote: https://rubygems.org/
  specs:
    colored (1.2)
    cri (2.7.0)
      colored (~> 1.2)
    kramdown (1.0.2)
    nanoc (4.1.4)
      cri (~> 2.3)

PLATFORMS
  ruby

DEPENDENCIES
  kramdown
  nanoc
