GEM
  remote: https://rubygems.org/
  specs:
    colored (1.2)
    cri (2.7.0)
      colored (~> 1.2)
    kramdown (1.0.2)
    mini_portile (0.6.0)
    nanoc (4.1.4)
      cri (~> 2.3)
    nokogiri (1.6.3.1)
      mini_portile (= 0.6.0)
    rouge (1.10.1)

PLATFORMS
  ruby

DEPENDENCIES
  kramdown
  nanoc
  nokogiri
  rouge
